GIT
  remote: git+ssh://git@github.com/mhartl/catch_cookie_exception.git
  revision: a107a2d17c53ed8b82aae53dd4aecc5c399ab981
  specs:
    catch_cookie_exception (1.0)

GIT
  remote: git+ssh://git@github.com/sanger/acts-as-dag.git
  revision: ce591fe2d39fc27193a897acf27fd35f40c8932c
  branch: fix_rewire_crossing
  specs:
    acts-as-dag (1.1.3)

GIT
  remote: git+ssh://git@github.com/sanger/alter_table.git
  revision: 109850bb109a3a4deb97f6d39174f8d6c8e8263f
  specs:
    alter_table (0.0.1)
      rails (~> 2.3.11)

GIT
  remote: git+ssh://git@github.com/sanger/ci_reporter.git
  revision: 24130382295a59ed07143afa3be3c6cda33b07ba
  specs:
    ci_reporter (1.6.4)
      builder (>= 2.1.2)

GIT
  remote: git+ssh://git@github.com/sanger/ruby_walk
  revision: 6e86c0413ab508933de899d7a3c6bc3b415e2acb
  specs:
    ruby_walk (0.0.3)

GIT
  remote: git+ssh://git@github.com/sanger/sanger_barcode.git
  revision: f3175bbb2df4782fe8b5ff2433a25f6fbbebb495
  branch: ruby-1.8
  specs:
    sanger_barcode (0.0.1)

GEM
  remote: http://rubygems.org/
  remote: http://gems.github.com/
  specs:
    Platform (0.4.0)
    aasm (2.1.5)
    actionmailer (2.3.11)
      actionpack (= 2.3.11)
    actionpack (2.3.11)
      activesupport (= 2.3.11)
      rack (~> 1.1.0)
    activerecord (2.3.11)
      activesupport (= 2.3.11)
    activerecord-oracle_enhanced-adapter (1.2.3)
      activerecord (>= 2.0.0)
    activeresource (2.3.11)
      activesupport (= 2.3.11)
    activesupport (2.3.11)
    acts_as_audited (1.1.1)
      activerecord (>= 2.1)
    addressable (2.2.6)
    ar-extensions (0.9.5)
      activerecord (~> 2.1)
    archive-tar-minitar (0.5.2)
    aws-s3 (0.6.2)
      builder
      mime-types
      xml-simple
    builder (3.0.0)
    cancan (1.6.7)
    capybara (0.3.9)
      culerity (>= 0.2.4)
      mime-types (>= 1.16)
      nokogiri (>= 1.3.3)
      rack (>= 1.0.0)
      rack-test (>= 0.5.4)
      selenium-webdriver (>= 0.0.3)
    carrierwave (0.4.10)
    cbrunnkvist-psd_logger (0.1.5)
    cgi_multipart_eof_fix (2.5.0)
    childprocess (0.2.3)
      ffi (~> 1.0.6)
    columnize (0.3.5)
    configatron (2.8.4)
      yamler (>= 0.1.0)
    cucumber (1.1.3)
      builder (>= 2.1.2)
      diff-lcs (>= 1.1.2)
      gherkin (~> 2.6.7)
      json (>= 1.4.6)
      term-ansicolor (>= 1.0.6)
    cucumber-rails (0.3.2)
      cucumber (>= 0.8.0)
    culerity (0.2.15)
    curb (0.7.15)
    daemons (1.0.10)
    database_cleaner (0.7.0)
    db-charmer (1.7.0)
      activerecord (< 3.1)
      activesupport (< 3.1)
    delayed_job (2.0.7)
      activesupport (~> 2.0)
      daemons (= 1.0.10)
    diff-lcs (1.1.3)
    factory_girl (1.3.3)
    fastercsv (1.4.0)
    fastthread (1.0.7)
    ffi (1.0.11)
    ffi (1.0.11-java)
    flay (1.4.3)
      ruby_parser (~> 2.0)
      sexp_processor (~> 3.0)
    flog (2.5.3)
      ruby_parser (~> 2.0)
      sexp_processor (~> 3.0)
    formtastic (1.2.4)
      actionpack (>= 2.3.7)
      activesupport (>= 2.3.7)
      i18n (~> 0.4)
    gem_plugin (0.2.3)
    gherkin (2.6.8)
      json (>= 1.4.6)
    gherkin (2.6.8-java)
      json (>= 1.4.6)
    i18n (0.6.0)
    json (1.6.2)
    json (1.6.2-java)
    launchy (2.0.5)
      addressable (~> 2.2.6)
    launchy (2.0.5-java)
      addressable (~> 2.2.6)
      ffi (~> 1.0.9)
      spoon (~> 0.0.1)
    linecache19 (0.5.12)
      ruby_core_source (>= 0.1.4)
    log4r (1.1.9)
    metaclass (0.0.1)
    mime-types (1.17.2)
    mocha (0.10.0)
      metaclass (~> 0.0.1)
    mongrel (1.1.5)
      cgi_multipart_eof_fix (>= 2.4)
      daemons (>= 1.0.3)
      fastthread (>= 1.0.1)
      gem_plugin (>= 0.2.3)
    mongrel (1.1.5-java)
      gem_plugin (>= 0.2.3)
    mongrel_cluster (1.0.5)
      gem_plugin (>= 0.2.3)
      mongrel (>= 1.0.2)
    multi_json (1.0.4)
    mysql (2.8.1)
    net-ldap (0.2.2)
    nokogiri (1.5.0)
    nokogiri (1.5.0-java)
    parallel (0.5.9)
    parallel_tests (0.6.11)
      parallel
    polyglot (0.3.3)
    rack (1.1.2)
    rack-acceptable (0.1.0)
      rack (>= 1.1.0)
    rack-test (0.6.1)
      rack (>= 1.0)
    rails (2.3.11)
      actionmailer (= 2.3.11)
      actionpack (= 2.3.11)
      activerecord (= 2.3.11)
      activeresource (= 2.3.11)
      activesupport (= 2.3.11)
      rake (>= 0.8.3)
    rake (0.9.2.2)
    rcov (0.9.11)
    rgl (0.4.0)
      rake
      stream (>= 0.5)
    roodi (2.1.0)
      ruby_parser
    ruby-debug (0.10.47)
    ruby-debug-base19 (0.11.25)
      columnize (>= 0.3.1)
      linecache19 (>= 0.5.11)
      ruby_core_source (>= 0.1.4)
    ruby-debug19 (0.11.6)
      columnize (>= 0.3.1)
      linecache19 (>= 0.5.11)
      ruby-debug-base19 (>= 0.11.19)
    ruby-oci8 (1.0.7)
    ruby-ole (1.2.11.2)
    ruby_core_source (0.1.5)
      archive-tar-minitar (>= 0.5.2)
    ruby_parser (2.3.1)
      sexp_processor (~> 3.0)
    rubyzip (0.9.5)
    selenium-webdriver (2.14.0)
      childprocess (>= 0.2.1)
      ffi (~> 1.0.9)
      multi_json (~> 1.0.4)
      rubyzip
    sexp_processor (3.0.8)
    shoulda (2.10.3)
    sinatra (1.1.4)
      rack (~> 1.1)
      tilt (>= 1.2.2, < 2.0)
    spoon (0.0.1)
    spreadsheet (0.6.5.9)
      ruby-ole (>= 1.0)
    stream (0.5)
    term-ansicolor (1.0.7)
    tilt (1.3.3)
    timecop (0.3.5)
    treetop (1.2.6)
      polyglot (>= 0.2.5)
    utility_belt (1.1.0)
      Platform (>= 0.4.0)
      aws-s3 (>= 0.4.0)
      wirble (>= 0.1.2)
    uuidtools (2.1.2)
    will_paginate (2.3.16)
    wirble (0.1.3)
    xml-simple (1.1.1)
    yajl-ruby (1.1.0)
    yamler (0.1.0)

PLATFORMS
  java
  ruby

DEPENDENCIES
  aasm (= 2.1.5)
  activerecord-oracle_enhanced-adapter (= 1.2.3)
  acts-as-dag!
  acts_as_audited
  alter_table!
  ar-extensions
  cancan
  capybara (~> 0.3.9)
  carrierwave (~> 0.4.0)
  catch_cookie_exception!
  cbrunnkvist-psd_logger
  ci_reporter!
  configatron
  cucumber
  cucumber-rails (~> 0.3.2)
  curb (= 0.7.15)
  database_cleaner
  db-charmer
  delayed_job (~> 2.0.4)
  factory_girl (~> 1.3.1)
  fastercsv (~> 1.4.0)
  flay
  flog
  formtastic (~> 1.2.0)
  launchy
  log4r
  mocha
  mongrel (~> 1.1.5)
  mongrel_cluster
  mysql
  net-ldap
  nokogiri
  parallel_tests
  rack-acceptable
  rails (= 2.3.11)
  rcov
  rgl
  roodi
  ruby-debug
  ruby-debug19
  ruby-oci8 (= 1.0.7)
  ruby_walk (>= 0.0.3)!
  sanger_barcode!
  shoulda (~> 2.10.0)
  sinatra (~> 1.1.0)
  spreadsheet
  timecop
  treetop (~> 1.2.5)
  utility_belt
  uuidtools
  will_paginate (~> 2.3.0)
  yajl-ruby
